GEM
  remote: https://rubygems.org/
  specs:
    actionmailer (4.1.10)
      actionpack (= 4.1.10)
      actionview (= 4.1.10)
      mail (~> 2.5, >= 2.5.4)
    actionpack (4.1.10)
      actionview (= 4.1.10)
      activesupport (= 4.1.10)
      rack (~> 1.5.2)
      rack-test (~> 0.6.2)
    actionview (4.1.10)
      activesupport (= 4.1.10)
      builder (~> 3.1)
      erubis (~> 2.7.0)
    active_model_serializers (0.9.3)
      activemodel (>= 3.2)
    activemodel (4.1.10)
      activesupport (= 4.1.10)
      builder (~> 3.1)
    activerecord (4.1.10)
      activemodel (= 4.1.10)
      activesupport (= 4.1.10)
      arel (~> 5.0.0)
    activesupport (4.1.10)
      i18n (~> 0.6, >= 0.6.9)
      json (~> 1.7, >= 1.7.7)
      minitest (~> 5.1)
      thread_safe (~> 0.1)
      tzinfo (~> 1.1)
    addressable (2.3.8)
    arel (5.0.1.20140414130214)
    bcrypt (3.1.10)
    bson (2.3.0)
    buftok (0.2.0)
    builder (3.2.2)
    canonical-rails (0.0.9)
      rails (>= 3.1, < 5.0)
    capistrano (2.15.5)
      highline
      net-scp (>= 1.0.0)
      net-sftp (>= 2.0.0)
      net-ssh (>= 2.0.14)
      net-ssh-gateway (>= 1.1.0)
    chronic (0.10.2)
    climate_control (0.0.3)
      activesupport (>= 3.0)
    cocaine (0.5.7)
      climate_control (>= 0.0.3, < 1.0)
    coffee-rails (4.1.0)
      coffee-script (>= 2.2.0)
      railties (>= 4.0.0, < 5.0)
    coffee-script (2.4.1)
      coffee-script-source
      execjs
    coffee-script-source (1.9.1.1)
    connection_pool (2.2.0)
    daemons (1.2.2)
    dalli (2.7.4)
    database_cleaner (1.4.1)
    delayed_job (4.0.6)
      activesupport (>= 3.0, < 5.0)
    delayed_job_mongoid (2.1.0)
      delayed_job (>= 3.0, < 5)
      mongoid (>= 3.0, < 5)
    devise (3.4.1)
      bcrypt (~> 3.0)
      orm_adapter (~> 0.1)
      railties (>= 3.2.6, < 5)
      responders
      thread_safe (~> 0.1)
      warden (~> 1.2.3)
    diff-lcs (1.2.5)
    equalizer (0.0.11)
    erubis (2.7.0)
    execjs (2.5.2)
    factory_girl (4.5.0)
      activesupport (>= 3.0.0)
    factory_girl_rails (4.5.0)
      factory_girl (~> 4.5.0)
      railties (>= 3.0.0)
    faraday (0.9.1)
      multipart-post (>= 1.2, < 3)
    figaro (1.1.0)
      thor (~> 0.14)
    font-awesome-rails (4.3.0.0)
      railties (>= 3.2, < 5.0)
    haml (4.0.6)
      tilt
    haml-rails (0.9.0)
      actionpack (>= 4.0.1)
      activesupport (>= 4.0.1)
      haml (>= 4.0.6, < 5.0)
      html2haml (>= 1.0.1)
      railties (>= 4.0.1)
    hashie (3.4.1)
    highline (1.7.2)
    hpricot (0.8.6)
    html2haml (1.0.1)
      erubis (~> 2.7.0)
      haml (>= 4.0.0.rc.1)
      hpricot (~> 0.8.6)
      ruby_parser (~> 3.1.1)
    http (0.6.4)
      http_parser.rb (~> 0.6.0)
    http_parser.rb (0.6.0)
    i18n (0.7.0)
    jbuilder (1.5.3)
      activesupport (>= 3.0.0)
      multi_json (>= 1.2.0)
    jquery-rails (3.1.2)
      railties (>= 3.0, < 5.0)
      thor (>= 0.14, < 2.0)
    json (1.8.2)
    jwt (1.4.1)
    mail (2.6.3)
      mime-types (>= 1.16, < 3)
    memoizable (0.4.2)
      thread_safe (~> 0.3, >= 0.3.1)
    meta-tags (2.0.0)
      actionpack (>= 3.0.0)
    mime-types (2.4.3)
    minitest (5.6.0)
    mongoid (4.0.2)
      activemodel (~> 4.0)
      moped (~> 2.0.0)
      origin (~> 2.1)
      tzinfo (>= 0.3.37)
    mongoid-paperclip (0.0.9)
      paperclip (>= 2.3.6)
    mongoid-rspec (2.2.0)
      mongoid (~> 4.0.0)
      rake
      rspec (~> 3.1)
    mongoid_auto_increment (0.1.2)
      mongoid (>= 2.0)
    mongoid_slug (4.0.0)
      mongoid (>= 3.0)
      stringex (~> 2.0)
    moped (2.0.4)
      bson (~> 2.2)
      connection_pool (~> 2.0)
      optionable (~> 0.2.0)
    multi_json (1.11.0)
    multi_xml (0.5.5)
    multipart-post (2.0.0)
    naught (1.0.0)
    net-scp (1.2.1)
      net-ssh (>= 2.6.5)
    net-sftp (2.1.2)
      net-ssh (>= 2.6.5)
    net-ssh (2.9.2)
    net-ssh-gateway (1.2.0)
      net-ssh (>= 2.6.5)
    nokogiri (1.5.10)
    oauth (0.4.7)
    oauth2 (1.0.0)
      faraday (>= 0.8, < 0.10)
      jwt (~> 1.0)
      multi_json (~> 1.3)
      multi_xml (~> 0.5)
      rack (~> 1.2)
    omniauth (1.2.2)
      hashie (>= 1.2, < 4)
      rack (~> 1.0)
    omniauth-facebook (2.0.1)
      omniauth-oauth2 (~> 1.2)
    omniauth-oauth (1.0.1)
      oauth
      omniauth (~> 1.0)
    omniauth-oauth2 (1.2.0)
      faraday (>= 0.8, < 0.10)
      multi_json (~> 1.3)
      oauth2 (~> 1.0)
      omniauth (~> 1.2)
    omniauth-twitter (1.1.0)
      multi_json (~> 1.3)
      omniauth-oauth (~> 1.0)
    optionable (0.2.0)
    origin (2.1.1)
    orm_adapter (0.5.0)
    paperclip (4.2.1)
      activemodel (>= 3.0.0)
      activesupport (>= 3.0.0)
      cocaine (~> 0.5.3)
      mime-types
    puma (2.11.2)
      rack (>= 1.1, < 2.0)
    rack (1.5.2)
    rack-test (0.6.3)
      rack (>= 1.0)
    rails (4.1.10)
      actionmailer (= 4.1.10)
      actionpack (= 4.1.10)
      actionview (= 4.1.10)
      activemodel (= 4.1.10)
      activerecord (= 4.1.10)
      activesupport (= 4.1.10)
      bundler (>= 1.3.0, < 2.0)
      railties (= 4.1.10)
      sprockets-rails (~> 2.0)
    railties (4.1.10)
      actionpack (= 4.1.10)
      activesupport (= 4.1.10)
      rake (>= 0.8.7)
      thor (>= 0.18.1, < 2.0)
    rake (10.4.2)
    responders (1.1.2)
      railties (>= 3.2, < 4.2)
    rserve-client (0.3.1)
    rserve-simpler (0.0.6)
      rserve-client (~> 0.3.0)
    rspec (3.2.0)
      rspec-core (~> 3.2.0)
      rspec-expectations (~> 3.2.0)
      rspec-mocks (~> 3.2.0)
    rspec-core (3.2.3)
      rspec-support (~> 3.2.0)
    rspec-expectations (3.2.1)
      diff-lcs (>= 1.2.0, < 2.0)
      rspec-support (~> 3.2.0)
    rspec-mocks (3.2.1)
      diff-lcs (>= 1.2.0, < 2.0)
      rspec-support (~> 3.2.0)
    rspec-rails (3.2.1)
      actionpack (>= 3.0, < 4.3)
      activesupport (>= 3.0, < 4.3)
      railties (>= 3.0, < 4.3)
      rspec-core (~> 3.2.0)
      rspec-expectations (~> 3.2.0)
      rspec-mocks (~> 3.2.0)
      rspec-support (~> 3.2.0)
    rspec-support (3.2.2)
    ruby-stemmer (0.9.6)
    ruby_parser (3.1.3)
      sexp_processor (~> 4.1)
    rvm-capistrano (1.5.6)
      capistrano (~> 2.15.4)
    sass (3.4.13)
    sass-rails (5.0.3)
      railties (>= 4.0.0, < 5.0)
      sass (~> 3.1)
      sprockets (>= 2.8, < 4.0)
      sprockets-rails (>= 2.0, < 4.0)
      tilt (~> 1.1)
    sexp_processor (4.5.0)
    shoulda-matchers (2.8.0)
      activesupport (>= 3.0.0)
    simple_form (3.1.0)
      actionpack (~> 4.0)
      activemodel (~> 4.0)
    simple_oauth (0.3.1)
    sitemap_generator (5.0.5)
      builder
    spring (1.3.4)
    sprockets (3.0.1)
      rack (~> 1.0)
    sprockets-rails (2.2.4)
      actionpack (>= 3.0)
      activesupport (>= 3.0)
      sprockets (>= 2.8, < 4.0)
    stringex (2.5.2)
    thor (0.19.1)
    thread_safe (0.3.5)
    tilt (1.4.1)
    turbolinks (2.5.3)
      coffee-rails
    twitter (5.14.0)
      addressable (~> 2.3)
      buftok (~> 0.2.0)
      equalizer (~> 0.0.9)
      faraday (~> 0.9.0)
      http (~> 0.6.0)
      http_parser.rb (~> 0.6.0)
      json (~> 1.8)
      memoizable (~> 0.4.0)
      naught (~> 1.0)
      simple_oauth (~> 0.3.0)
    tzinfo (1.2.2)
      thread_safe (~> 0.1)
    uglifier (2.7.1)
      execjs (>= 0.3.0)
      json (>= 1.8.0)
    unicode (0.4.4.2)
    warden (1.2.3)
      rack (>= 1.0)
    whenever (0.9.4)
      chronic (>= 0.6.3)
    will_paginate (3.0.7)
    will_paginate-bootstrap (1.0.1)
      will_paginate (>= 3.0.3)
    will_paginate_mongoid (2.0.1)
      mongoid
      will_paginate (~> 3.0)
    yahoo-finance (0.2.0)

PLATFORMS
  ruby

DEPENDENCIES
  active_model_serializers
  canonical-rails
  capistrano
  daemons
  dalli
  database_cleaner
  delayed_job_mongoid
  devise
  execjs
  factory_girl_rails
  figaro
  font-awesome-rails
  haml-rails
  jbuilder (~> 1.2)
  jquery-rails
  json
  meta-tags
  mongoid
  mongoid-paperclip
  mongoid-rspec
  mongoid_auto_increment
  mongoid_slug
  multi_json
  nokogiri (= 1.5.10)
  omniauth
  omniauth-facebook
  omniauth-twitter
  paperclip
  puma
  rails
  rserve-simpler
  rspec-rails
  ruby-stemmer
  rvm-capistrano
  sass
  sass-rails
  shoulda-matchers
  simple_form
  sitemap_generator
  spring
  sprockets-rails
  turbolinks
  twitter
  uglifier
  unicode
  whenever
  will_paginate-bootstrap
  will_paginate_mongoid
  yahoo-finance
